GEM
  remote: http://gems.rubyforge.org/
  specs:
    haml (3.1.2)
    json (1.5.1)
    mime-types (1.16)
    rack (1.3.2)
    rest-client (1.6.1)
      mime-types (>= 1.16)
    sass (3.1.7)
    sinatra (1.2.6)
      rack (~> 1.1)
      tilt (>= 1.2.2, < 2.0)
    tilt (1.3.2)

PLATFORMS
  ruby

DEPENDENCIES
  haml
  json (= 1.5.1)
  rest-client (= 1.6.1)
  sass
  sinatra (= 1.2.6)
